PATH
  remote: .
  specs:
    protobuf_descriptor (1.0.0)
      activesupport (>= 3.0.0)
      protobuf (~> 3.0.0)

GEM
  remote: https://rubygems.org/
  specs:
    activesupport (4.1.0)
      i18n (~> 0.6, >= 0.6.9)
      json (~> 1.7, >= 1.7.7)
      minitest (~> 5.1)
      thread_safe (~> 0.1)
      tzinfo (~> 1.1)
    coderay (1.1.0)
    diff-lcs (1.2.5)
    i18n (0.6.9)
    json (1.8.1)
    method_source (0.8.2)
    middleware (0.1.0)
    minitest (5.3.3)
    multi_json (1.9.2)
    protobuf (3.0.4)
      activesupport (>= 3.2)
      middleware
      multi_json
      thor
    pry (0.9.12.6)
      coderay (~> 1.0)
      method_source (~> 0.8)
      slop (~> 3.4)
    rspec (2.14.1)
      rspec-core (~> 2.14.0)
      rspec-expectations (~> 2.14.0)
      rspec-mocks (~> 2.14.0)
    rspec-core (2.14.8)
    rspec-expectations (2.14.5)
      diff-lcs (>= 1.1.3, < 2.0)
    rspec-mocks (2.14.6)
    rubygems-tasks (0.2.4)
    slop (3.5.0)
    thor (0.19.1)
    thread_safe (0.3.3)
    tzinfo (1.1.0)
      thread_safe (~> 0.1)
    yard (0.8.7.4)

PLATFORMS
  ruby

DEPENDENCIES
  protobuf_descriptor!
  pry (~> 0.9.12.6)
  rspec (~> 2.4)
  rubygems-tasks (~> 0.2)
  yard (~> 0.8)
